PATH
  remote: .
  specs:
    ref2bibtex (0.0.3)

GEM
  remote: https://rubygems.org/
  specs:
    awesome_print (1.2.0)
    byebug (3.4.0)
      columnize (~> 0.8)
      debugger-linecache (~> 1.2)
      slop (~> 3.6)
    columnize (0.8.9)
    debugger-linecache (1.2.0)
    rake (10.3.2)
    slop (3.6.0)

PLATFORMS
  ruby

DEPENDENCIES
  awesome_print
  bundler (~> 1.6)
  byebug
  rake
  ref2bibtex!
