PATH
  remote: .
  specs:
    ref2bibtex (0.0.3)

GEM
  remote: https://rubygems.org/
  specs:
    awesome_print (1.7.0)
    byebug (9.0.6)
    rake (12.0.0)

PLATFORMS
  ruby

DEPENDENCIES
  awesome_print
  bundler (~> 1.6)
  byebug
  rake
  ref2bibtex!

BUNDLED WITH
   1.14.6
